PATH
  remote: twitter
  specs:
    twitter (0.1.0)
      faraday (~> 0.11)
      faraday_middleware (~> 0.11)
      simple_oauth (~> 0.3)

GEM
  remote: https://rubygems.org/
  specs:
    faraday (0.13.1)
      multipart-post (>= 1.2, < 3)
    faraday_middleware (0.12.2)
      faraday (>= 0.7.4, < 1.0)
    multipart-post (2.0.0)
    rake (12.2.1)
    simple_oauth (0.3.1)

PLATFORMS
  ruby

DEPENDENCIES
  rake
  twitter!

BUNDLED WITH
   1.15.4
