GEM
  remote: https://rubygems.org/
  specs:
    faraday (0.11.0)
      multipart-post (>= 1.2, < 3)
    faraday_middleware (0.11.0.1)
      faraday (>= 0.7.4, < 1.0)
    ffi (1.9.17)
    listen (3.1.5)
      rb-fsevent (~> 0.9, >= 0.9.4)
      rb-inotify (~> 0.9, >= 0.9.7)
      ruby_dep (~> 1.2)
    multipart-post (2.0.0)
    rack (2.0.1)
    rb-fsevent (0.9.8)
    rb-inotify (0.9.8)
      ffi (>= 0.5.0)
    rerun (0.11.0)
      listen (~> 3.0)
    roda (2.22.0)
      rack
    ruby_dep (1.5.0)
    simple_oauth (0.3.1)
    tilt (2.0.6)

PLATFORMS
  ruby

DEPENDENCIES
  faraday
  faraday_middleware
  rerun
  roda
  simple_oauth
  tilt

BUNDLED WITH
   1.13.6
